GEM
  remote: http://rubygems.org/
  specs:
    albino (1.3.3)
      posix-spawn (>= 0.3.6)
    classifier (1.3.3)
      fast-stemmer (>= 1.0.0)
    directory_watcher (1.4.1)
    fast-stemmer (1.0.1)
    jekyll (0.11.2)
      albino (~> 1.3)
      classifier (~> 1.3)
      directory_watcher (~> 1.1)
      kramdown (~> 0.13)
      liquid (~> 2.3)
      maruku (~> 0.5)
    kgio (2.8.0)
    kramdown (0.14.2)
    liquid (2.4.1)
    maruku (0.6.1)
      syntax (>= 1.0.0)
    posix-spawn (0.3.6)
    rack (1.4.4)
    raindrops (0.10.0)
    syntax (1.0.0)
    unicorn (4.5.0)
      kgio (~> 2.6)
      rack
      raindrops (~> 0.7)

PLATFORMS
  ruby

DEPENDENCIES
  jekyll
  unicorn
